GIT
  remote: git://github.com/markoscalderon/bigbluebutton-api-ruby.git
  revision: 071a372eb7e823f3a24137fd5df5f584d9ab1b4a
  branch: api-0.8
  specs:
    bigbluebutton-api-ruby (0.0.10)
      nokogiri (~> 1.4.0)

GEM
  remote: http://rubygems.org/
  specs:
    daemons (1.3.1)
    eventmachine (1.2.7)
    haml (3.1.1)
    nokogiri (1.4.4)
    rack (1.6.12)
    rack-protection (1.5.5)
      rack
    sinatra (1.4.8)
      rack (~> 1.5)
      rack-protection (~> 1.4)
      tilt (>= 1.3, < 3)
    thin (1.7.2)
      daemons (~> 1.0, >= 1.0.9)
      eventmachine (~> 1.0, >= 1.0.4)
      rack (>= 1, < 3)
    tilt (2.0.10)

PLATFORMS
  ruby

DEPENDENCIES
  bigbluebutton-api-ruby!
  haml
  nokogiri
  rack (= 1.6.12)
  sinatra (>= 1.2.6)
  thin (>= 1.2.11)

BUNDLED WITH
   1.17.3
