GIT
  remote: git://github.com/markoscalderon/bigbluebutton-api-ruby.git
  revision: 071a372eb7e823f3a24137fd5df5f584d9ab1b4a
  branch: api-0.8
  specs:
    bigbluebutton-api-ruby (0.0.10)
      nokogiri (~> 1.4.0)

GEM
  remote: http://rubygems.org/
  specs:
    daemons (1.3.1)
    eventmachine (1.2.7)
    haml (3.1.1)
    mustermann (1.1.1)
      ruby2_keywords (~> 0.0.1)
    nokogiri (1.4.4)
    rack (2.1.3)
    rack-protection (2.0.8.1)
      rack
    ruby2_keywords (0.0.2)
    sinatra (2.0.8.1)
      mustermann (~> 1.0)
      rack (~> 2.0)
      rack-protection (= 2.0.8.1)
      tilt (~> 2.0)
    thin (1.7.2)
      daemons (~> 1.0, >= 1.0.9)
      eventmachine (~> 1.0, >= 1.0.4)
      rack (>= 1, < 3)
    tilt (2.0.10)

PLATFORMS
  ruby

DEPENDENCIES
  bigbluebutton-api-ruby!
  haml
  nokogiri
  rack (= 2.1.3)
  sinatra (>= 2.0.0)
  thin (>= 1.2.11)

BUNDLED WITH
   1.17.3
